PATH
  remote: .
  specs:
    holepicker (0.1.2)
      json (>= 1.7.7)
      rainbow (>= 1.1.4)

GEM
  remote: http://rubygems.org/
  specs:
    addressable (2.2.8)
    crack (0.3.2)
    diff-lcs (1.1.3)
    fakefs (0.4.2)
    json (1.7.7)
    metaclass (0.0.1)
    mocha (0.13.2)
      metaclass (~> 0.0.1)
    rainbow (1.1.4)
    rspec (2.12.0)
      rspec-core (~> 2.12.0)
      rspec-expectations (~> 2.12.0)
      rspec-mocks (~> 2.12.0)
    rspec-core (2.12.2)
    rspec-expectations (2.12.1)
      diff-lcs (~> 1.1.3)
    rspec-mocks (2.12.2)
    webmock (1.8.7)
      addressable (>= 2.2.7)
      crack (>= 0.1.7)

PLATFORMS
  ruby

DEPENDENCIES
  fakefs
  holepicker!
  mocha
  rspec
  webmock
